GEM
  remote: https://rubygems.org/
  specs:
    OptionParser (0.5.1)
    vault (0.10.1)

PLATFORMS
  ruby

DEPENDENCIES
  OptionParser (~> 0.5.1)!
  vault (~> 0.10.1)!

BUNDLED WITH
   2.1.4
